GEM
  remote: http://rubygems.org/
  specs:
    activemodel (4.2.1)
      activesupport (= 4.2.1)
      builder (~> 3.1)
    activerecord (4.2.1)
      activemodel (= 4.2.1)
      activesupport (= 4.2.1)
      arel (~> 6.0)
    activesupport (4.2.1)
      i18n (~> 0.7)
      json (~> 1.7, >= 1.7.7)
      minitest (~> 5.1)
      thread_safe (~> 0.3, >= 0.3.4)
      tzinfo (~> 1.1)
    arel (6.0.0)
    braintree (2.42.0)
      builder (>= 2.0.0)
    builder (3.2.2)
    domain_name (0.5.24)
      unf (>= 0.0.5, < 1.0.0)
    ffi (1.9.8-x64-mingw32)
    ffi (1.9.8-x86-mingw32)
    http-cookie (1.0.2)
      domain_name (~> 0.5)
    i18n (0.7.0)
    json (1.8.2)
    jwt (1.4.1)
    mime-types (2.5)
    minitest (5.6.0)
    multi_json (1.11.0)
    netrc (0.10.3)
    pg (0.18.1-x64-mingw32)
    pg (0.18.1-x86-mingw32)
    rack (1.6.0)
    rack-protection (1.5.3)
      rack
    rake (10.4.2)
    rest-client (1.8.0-x64-mingw32)
      ffi (~> 1.9)
      http-cookie (>= 1.0.2, < 2.0)
      mime-types (>= 1.16, < 3.0)
      netrc (~> 0.7)
    rest-client (1.8.0-x86-mingw32)
      ffi (~> 1.9)
      http-cookie (>= 1.0.2, < 2.0)
      mime-types (>= 1.16, < 3.0)
      netrc (~> 0.7)
    sendgrid-ruby (0.0.3)
      rest-client
      smtpapi
    sinatra (1.4.6)
      rack (~> 1.4)
      rack-protection (~> 1.4)
      tilt (>= 1.3, < 3)
    sinatra-activerecord (2.0.6)
      activerecord (>= 3.2)
      sinatra (~> 1.0)
    smtpapi (0.1.0)
    thread_safe (0.3.5)
    tilt (2.0.1)
    twilio-ruby (4.0.0)
      builder (>= 2.1.2)
      jwt (~> 1.0)
      multi_json (>= 1.3.0)
    tzinfo (1.2.2)
      thread_safe (~> 0.1)
    unf (0.1.4)
      unf_ext
    unf_ext (0.0.7.1-x64-mingw32)
    unf_ext (0.0.7.1-x86-mingw32)

PLATFORMS
  x64-mingw32
  x86-mingw32

DEPENDENCIES
  braintree
  pg
  rake
  sendgrid-ruby
  sinatra
  sinatra-activerecord
  twilio-ruby
